GEM
  remote: https://rubygems.org/
  specs:
    binance (1.2.0)
      faraday (~> 0.12)
      faraday_middleware (~> 0.12)
      faye-websocket (~> 0.10)
    eventmachine (1.2.7)
    faraday (0.17.6)
      multipart-post (>= 1.2, < 3)
    faraday_middleware (0.14.0)
      faraday (>= 0.7.4, < 1.0)
    faye-websocket (0.11.1)
      eventmachine (>= 0.12.0)
      websocket-driver (>= 0.5.1)
    minitest (5.16.3)
    multipart-post (2.2.3)
    parallel (1.22.1)
    truncate (0.1.0)
    websocket-driver (0.7.5)
      websocket-extensions (>= 0.1.0)
    websocket-extensions (0.1.5)

PLATFORMS
  x64-mingw-ucrt
  x86_64-linux

DEPENDENCIES
  binance
  minitest
  parallel
  truncate (~> 0.1.0)

BUNDLED WITH
   2.3.9
